GEM
  remote: http://rubygems.org/
  specs:
    parseconfig (0.5.2)

PLATFORMS
  ruby

DEPENDENCIES
  parseconfig
